PATH
  remote: .
  specs:
    vmail (2.6.1)
      highline (>= 1.6.1)
      mail (~> 2.2.12)
      sequel (>= 3.24.1)
      sqlite3 (>= 1.3.3)

GEM
  remote: https://rubygems.org/
  specs:
    activesupport (3.2.9)
      i18n (~> 0.6)
      multi_json (~> 1.0)
    highline (1.6.15)
    i18n (0.6.1)
    mail (2.2.19)
      activesupport (>= 2.3.6)
      i18n (>= 0.4.0)
      mime-types (~> 1.16)
      treetop (~> 1.4.8)
    mime-types (1.19)
    multi_json (1.5.0)
    polyglot (0.3.3)
    sequel (3.42.0)
    sqlite3 (1.3.6)
    treetop (1.4.12)
      polyglot
      polyglot (>= 0.3.1)

PLATFORMS
  ruby

DEPENDENCIES
  vmail!
